GEM
  remote: https://rubygems.org/
  specs:
    ansi (1.5.0)
    builder (3.3.0)
    minitest (5.25.4)
    minitest-reporters (1.7.1)
      ansi
      builder
      minitest (>= 5.0)
      ruby-progressbar
    rake (13.2.1)
    ruby-progressbar (1.13.0)

PLATFORMS
  ruby

DEPENDENCIES
  minitest (~> 5.18)
  minitest-reporters (~> 1.7)
  rake (~> 13.0)

BUNDLED WITH
   1.17.2
